GEM
  remote: https://rubygems.org/
  specs:
    base62 (1.0.0)
    hiredis (0.6.1)
    midori-contrib (0.1.3)
      murasaki (~> 0.2)
    midori.rb (0.4.4.1)
      midori_http_parser (~> 0.6.1)
      murasaki (~> 0.2)
      mustermann (~> 1.0)
    midori_http_parser (0.6.2)
    murasaki (0.2.0)
      nio4r (~> 2.0)
    mustermann (1.0.1)
    mysql2 (0.4.10)
    nest (3.1.1)
      redic
    nio4r (2.1.0)
    ohm (3.1.1)
      nest (~> 3)
      redic (~> 1.5.0)
      stal
    rake (12.3.0)
    redic (1.5.0)
      hiredis
    sequel (5.2.0)
    stal (0.3.0)
      redic (~> 1.5)
    uuid64 (0.0.7)
      base62 (~> 1.0)

PLATFORMS
  ruby

DEPENDENCIES
  bundler (~> 1.0)
  hiredis (~> 0.6.0)
  midori-contrib (~> 0.1.0)
  midori.rb (~> 0.4.0)
  mysql2 (~> 0.4)
  ohm (~> 3.0)
  rake (~> 12.0)
  sequel (~> 5.0)
  uuid64

BUNDLED WITH
   1.16.0
